GEM
  remote: https://rubygems.org/
  specs:
    java-properties (0.2.0)

PLATFORMS
  ruby

DEPENDENCIES
  java-properties

BUNDLED WITH
   1.13.3
